GEM
  remote: http://rubygems.org/
  specs:
    fakeweb (1.3.0)
    json (1.6.5)
    rake (0.8.7)
    rr (1.0.4)

PLATFORMS
  ruby

DEPENDENCIES
  fakeweb
  json
  rake
  rr
